GIT
  remote: https://github.com/rubymotion/sugarcube
  revision: 455f858adf2cf5f39484a7a39d209426b5872986
  specs:
    sugarcube (0.18.12)

GIT
  remote: https://github.com/rubymotion/teacup.git
  revision: 3769f1a875a7108bed59988b3a80a9290c28ff0e
  specs:
    teacup (1.2.7)
      rake

GEM
  remote: https://rubygems.org/
  specs:
    activesupport (3.2.12)
      i18n (~> 0.6)
      multi_json (~> 1.0)
    addressable (2.3.3)
    bubble-wrap (1.1.5)
    cocoapods (0.16.3)
      activesupport (~> 3.2.6)
      colored (~> 1.2)
      escape (~> 0.0.4)
      faraday (~> 0.8.1)
      json (~> 1.7.3)
      octokit (~> 1.7)
      open4 (~> 1.3.0)
      rake (~> 10.0.0)
      xcodeproj (~> 0.5.0)
    colored (1.2)
    escape (0.0.4)
    faraday (0.8.5)
      multipart-post (~> 1.1)
    faraday_middleware (0.9.0)
      faraday (>= 0.7.4, < 0.9)
    geomotion (0.7.0)
    graymatter (0.3.2)
      geomotion
      sugarcube
    hashie (1.2.0)
    i18n (0.6.1)
    ib (0.2.7)
      thor (>= 0.15.4)
      xcodeproj (>= 0.4.1)
    json (1.7.7)
    motion-cocoapods (1.2.1)
      cocoapods (>= 0.14.0)
    multi_json (1.6.1)
    multipart-post (1.1.5)
    netrc (0.7.7)
    octokit (1.23.0)
      addressable (~> 2.2)
      faraday (~> 0.8)
      faraday_middleware (~> 0.9)
      hashie (~> 1.2)
      multi_json (~> 1.3)
      netrc (~> 0.7.7)
    open4 (1.3.0)
    rake (10.0.3)
    sweettea (0.5.6)
      rake
      sugarcube
      teacup
    thor (0.17.0)
    xcodeproj (0.5.0)
      activesupport (~> 3.2.6)
      colored (~> 1.2)

PLATFORMS
  ruby

DEPENDENCIES
  bubble-wrap
  geomotion
  graymatter
  ib
  motion-cocoapods
  rake
  sugarcube!
  sweettea
  teacup!
