GEM
  remote: https://rubygems.org/
  specs:
    activesupport (3.2.13)
      i18n (= 0.6.1)
      multi_json (~> 1.0)
    addressable (2.3.4)
    afmotion (0.4)
      motion-cocoapods (>= 1.2.1)
    bubble-wrap (1.2.0)
    claide (0.2.0)
    cocoapods (0.18.1)
      activesupport (~> 3.2.13)
      claide (~> 0.2.0)
      cocoapods-core (= 0.18.1)
      cocoapods-downloader (~> 0.1.0)
      colored (~> 1.2)
      escape (~> 0.0.4)
      faraday (~> 0.8.1)
      json (~> 1.7.3)
      octokit (~> 1.7)
      open4 (~> 1.3.0)
      rake (~> 10.0.0)
      xcodeproj (~> 0.5.5)
    cocoapods-core (0.18.1)
      activesupport (~> 3.2.13)
      faraday (~> 0.8.1)
      octokit (~> 1.7)
      rake (~> 10.0.0)
    cocoapods-downloader (0.1.0)
    codependency (2.0.0)
    colored (1.2)
    escape (0.0.4)
    faraday (0.8.7)
      multipart-post (~> 1.1)
    faraday_middleware (0.9.0)
      faraday (>= 0.7.4, < 0.9)
    geomotion (0.12.1)
    graymatter (0.5.3)
      geomotion
      sugarcube
    hashie (2.0.4)
    i18n (0.6.1)
    ib (0.2.10)
      thor (>= 0.15.4)
      xcodeproj (>= 0.4.1)
    json (1.7.7)
    map-kit-wrapper (0.0.5)
      codependency (= 2.0.0)
      rake
    motion-cocoapods (1.3.0.rc1)
      cocoapods (>= 0.17.0)
    motion-require (0.0.6)
    multi_json (1.7.2)
    multipart-post (1.2.0)
    netrc (0.7.7)
    octokit (1.24.0)
      addressable (~> 2.2)
      faraday (~> 0.8)
      faraday_middleware (~> 0.9)
      hashie (~> 2.0)
      multi_json (~> 1.3)
      netrc (~> 0.7.7)
    open4 (1.3.0)
    rake (10.0.4)
    sugarcube (0.20.18)
    sweettea (0.5.6)
      rake
      sugarcube
      teacup
    teacup (1.2.8)
      rake
    thor (0.18.1)
    xcodeproj (0.5.5)
      activesupport (~> 3.2.13)
      colored (~> 1.2)

PLATFORMS
  ruby

DEPENDENCIES
  afmotion
  bubble-wrap
  geomotion
  graymatter
  ib
  map-kit-wrapper
  motion-cocoapods (= 1.3.0.rc1)
  motion-require
  rake
  sugarcube
  sweettea
  teacup (= 1.2.8)
